GEM
  remote: https://rubygems.org/
  specs:
    ffi (1.17.2)

PLATFORMS
  ruby

DEPENDENCIES
  ffi (~> 1.16)

BUNDLED WITH
   2.1.4
